GIT
  remote: git://github.com/mongoid/mongoid.git
  revision: 59437bc7e7980b26e64fa56a6f74d241cf87a93a
  specs:
    mongoid (3.0.0)
      activemodel (~> 3.1)
      moped (~> 1.0.0.beta)
      origin (~> 1.0.0.beta)
      tzinfo (~> 0.3.22)

GEM
  remote: https://rubygems.org/
  specs:
    activemodel (3.1.3)
      activesupport (= 3.1.3)
      builder (~> 3.0.0)
      i18n (~> 0.6)
    activesupport (3.1.3)
      multi_json (~> 1.0)
    bson (1.3.1)
    bson_ext (1.3.1)
    builder (3.0.0)
    diff-lcs (1.1.3)
    i18n (0.6.0)
    metaclass (0.0.1)
    mocha (0.10.0)
      metaclass (~> 0.0.1)
    moped (1.0.0.beta)
    multi_json (1.0.4)
    origin (1.0.0.beta)
    rake (0.9.2.2)
    rspec (2.6.0)
      rspec-core (~> 2.6.0)
      rspec-expectations (~> 2.6.0)
      rspec-mocks (~> 2.6.0)
    rspec-core (2.6.4)
    rspec-expectations (2.6.0)
      diff-lcs (~> 1.1.2)
    rspec-mocks (2.6.0)
    tzinfo (0.3.33)

PLATFORMS
  ruby

DEPENDENCIES
  activesupport
  bson (= 1.3.1)
  bson_ext (= 1.3.1)
  mocha (= 0.10.0)
  mongoid (= 3.0.0)!
  rake
  rspec (~> 2.6.0)
